GEM
  remote: https://rubygems.org/
  specs:
    leveldb-native (0.6)
    puma (3.4.0)
    rack (1.6.4)
    rack-protection (1.5.3)
      rack
    sinatra (1.4.7)
      rack (~> 1.5)
      rack-protection (~> 1.4)
      tilt (>= 1.3, < 3)
    tilt (2.0.2)

PLATFORMS
  ruby

DEPENDENCIES
  leveldb-native
  puma
  sinatra

BUNDLED WITH
   1.11.2
